GEM
  remote: https://rubygems.org/
  specs:
    ethon (0.11.0)
      ffi (>= 1.3.0)
    ffi (1.9.25)
    hashie (3.5.7)
    json (1.8.6)
    osdn-cli (0.1.9)
      hashie
      osdn-client (>= 0.0.20161003, < 1.0.0)
    osdn-client (0.0.20161003)
      json (~> 1.8, >= 1.8.3)
      typhoeus (~> 1.0, >= 1.0.1)
    typhoeus (1.3.0)
      ethon (>= 0.9.0)

PLATFORMS
  ruby

DEPENDENCIES
  osdn-cli

BUNDLED WITH
   1.16.1
